PATH
  remote: .
  specs:
    activejob-locks (0.0.3)
      activejob (~> 4.2, >= 4.2.0)
      redlock (~> 0.0.1)

GEM
  remote: https://rubygems.org/
  specs:
    activejob (4.2.0)
      activesupport (= 4.2.0)
      globalid (>= 0.3.0)
    activesupport (4.2.0)
      i18n (~> 0.7)
      json (~> 1.7, >= 1.7.7)
      minitest (~> 5.1)
      thread_safe (~> 0.3, >= 0.3.4)
      tzinfo (~> 1.1)
    globalid (0.3.0)
      activesupport (>= 4.1.0)
    i18n (0.7.0)
    json (1.8.2)
    minitest (5.5.1)
    redlock (0.0.1)
    thread_safe (0.3.4)
    tzinfo (1.2.2)
      thread_safe (~> 0.1)

PLATFORMS
  ruby

DEPENDENCIES
  activejob-locks!
  globalid
